GIT
  remote: git://github.com/collectiveidea/audited.git
  revision: db494341e2da503cd52befc39a5dd32562ad1fee
  branch: master
  specs:
    audited (4.3.0)
      activerecord (>= 4.0, < 5.1)
      rails-observers (~> 0.1.2)

GIT
  remote: git://github.com/galetahub/ckeditor.git
  revision: 11d3a5b905646c6fd397f7710f95fb9eb29f0865
  specs:
    ckeditor (4.2.2)
      cocaine
      orm_adapter (~> 0.5.0)

GIT
  remote: git://github.com/globalize/globalize.git
  revision: e1cbe4247458c13b344738a682609d23eba53f65
  branch: master
  specs:
    globalize (5.1.0)
      activemodel (>= 4.2, < 5.1)
      activerecord (>= 4.2, < 5.1)
      request_store (~> 1.0)

GIT
  remote: git://github.com/rails/rails-observers.git
  revision: 3fe157d6cbb5b5e767ded248009fc59443d63fa1
  specs:
    rails-observers (0.1.3.alpha)
      activemodel (>= 4.0, < 5.1)

GIT
  remote: git://github.com/rubysherpas/paranoia.git
  revision: d70c4c5a7098d4c8416332489e3f63b0a959ab97
  branch: rails5
  specs:
    paranoia (2.2.0.pre)
      activerecord (>= 4.0, < 5.1)

GIT
  remote: git://github.com/textacular/textacular.git
  revision: 64905a307cbd8ebd77e46337909238115fa1380e
  branch: master
  specs:
    textacular (4.0.0)
      activerecord (>= 3.0, < 5.1)

GIT
  remote: https://github.com/ged/ruby-pg
  revision: a2923b3163dede6a7237828e61a025b32e57f880
  specs:
    pg (0.19.0.pre20160820112606)

GIT
  remote: https://github.com/gonzalo-bulnes/simple_token_authentication.git
  revision: db2cade4641b9d3270c1eef0bee7ab2362fed35d
  branch: master
  specs:
    simple_token_authentication (1.14.0)
      actionmailer (>= 3.2.6, < 6)
      actionpack (>= 3.2.6, < 6)
      devise (>= 3.2, < 6)

GEM
  remote: https://rubygems.org/
  specs:
    actioncable (5.0.1)
      actionpack (= 5.0.1)
      nio4r (~> 1.2)
      websocket-driver (~> 0.6.1)
    actionmailer (5.0.1)
      actionpack (= 5.0.1)
      actionview (= 5.0.1)
      activejob (= 5.0.1)
      mail (~> 2.5, >= 2.5.4)
      rails-dom-testing (~> 2.0)
    actionpack (5.0.1)
      actionview (= 5.0.1)
      activesupport (= 5.0.1)
      rack (~> 2.0)
      rack-test (~> 0.6.3)
      rails-dom-testing (~> 2.0)
      rails-html-sanitizer (~> 1.0, >= 1.0.2)
    actionview (5.0.1)
      activesupport (= 5.0.1)
      builder (~> 3.1)
      erubis (~> 2.7.0)
      rails-dom-testing (~> 2.0)
      rails-html-sanitizer (~> 1.0, >= 1.0.2)
    activejob (5.0.1)
      activesupport (= 5.0.1)
      globalid (>= 0.3.6)
    activemodel (5.0.1)
      activesupport (= 5.0.1)
    activerecord (5.0.1)
      activemodel (= 5.0.1)
      activesupport (= 5.0.1)
      arel (~> 7.0)
    activesupport (5.0.1)
      concurrent-ruby (~> 1.0, >= 1.0.2)
      i18n (~> 0.7)
      minitest (~> 5.1)
      tzinfo (~> 1.1)
    addressable (2.5.0)
      public_suffix (~> 2.0, >= 2.0.2)
    airbrussh (1.1.1)
      sshkit (>= 1.6.1, != 1.7.0)
    arel (7.1.4)
    awesome_nested_set (3.1.1)
      activerecord (>= 4.0.0, < 5.1)
    aws-sdk (2.6.42)
      aws-sdk-resources (= 2.6.42)
    aws-sdk-core (2.6.42)
      aws-sigv4 (~> 1.0)
      jmespath (~> 1.0)
    aws-sdk-resources (2.6.42)
      aws-sdk-core (= 2.6.42)
    aws-sigv4 (1.0.0)
    babel-source (5.8.35)
    babel-transpiler (0.7.0)
      babel-source (>= 4.0, < 6)
      execjs (~> 2.0)
    bcrypt (3.1.11)
    better_errors (2.1.1)
      coderay (>= 1.0.0)
      erubis (>= 2.6.6)
      rack (>= 0.9.0)
    builder (3.2.2)
    byebug (9.0.6)
    cancancan (1.15.0)
    capistrano (3.7.1)
      airbrussh (>= 1.0.0)
      capistrano-harrow
      i18n
      rake (>= 10.0.0)
      sshkit (>= 1.9.0)
    capistrano-bundler (1.2.0)
      capistrano (~> 3.1)
      sshkit (~> 1.2)
    capistrano-harrow (0.5.3)
    capistrano-rails (1.2.0)
      capistrano (~> 3.1)
      capistrano-bundler (~> 1.1)
    capistrano-rvm (0.1.2)
      capistrano (~> 3.0)
      sshkit (~> 1.2)
    capistrano3-puma (1.2.1)
      capistrano (~> 3.0)
      puma (>= 2.6)
    carrierwave (0.11.2)
      activemodel (>= 3.2.0)
      activesupport (>= 3.2.0)
      json (>= 1.7)
      mime-types (>= 1.16)
      mimemagic (>= 0.3.0)
    carrierwave-aws (1.0.2)
      aws-sdk (~> 2.0)
      carrierwave (>= 0.7, < 2.0)
    climate_control (0.0.3)
      activesupport (>= 3.0)
    cocaine (0.5.8)
      climate_control (>= 0.0.3, < 1.0)
    coderay (1.1.1)
    concurrent-ruby (1.0.3)
    countries (2.0.5)
      i18n_data (~> 0.7.0)
      money (~> 6.7)
      unicode_utils (~> 1.4)
    country_select (3.0.0)
      countries (~> 2.0)
      sort_alphabetical (~> 1.0)
    daemons (1.2.4)
    debug_inspector (0.0.2)
    devise (4.2.0)
      bcrypt (~> 3.0)
      orm_adapter (~> 0.1)
      railties (>= 4.1.0, < 5.1)
      responders
      warden (~> 1.2.3)
    erubis (2.7.0)
    eventmachine (1.2.1)
    execjs (2.7.0)
    faraday (0.9.2)
      multipart-post (>= 1.2, < 3)
    ffi (1.9.14)
    figaro (1.1.1)
      thor (~> 0.14)
    font-awesome-rails (4.6.3.0)
      railties (>= 3.2, < 5.1)
    formtastic (3.1.4)
      actionpack (>= 3.2.13)
    foundation-datetimepicker-rails (0.2.4)
    foundation-rails (6.3.0.0)
      railties (>= 3.1.0)
      sass (>= 3.3.0, < 3.5)
      sprockets-es6 (>= 0.9.0)
    friendly_id (5.1.0)
      activerecord (>= 4.0.0)
    fullcalendar-rails (3.1.0.0)
      jquery-rails (>= 4.0.5, < 5.0.0)
      jquery-ui-rails (>= 5.0.2)
      momentjs-rails (>= 2.9.0)
    geocoder (1.4.1)
    globalid (0.3.7)
      activesupport (>= 4.1.0)
    haml (4.0.7)
      tilt
    haml-rails (0.9.0)
      actionpack (>= 4.0.1)
      activesupport (>= 4.0.1)
      haml (>= 4.0.6, < 5.0)
      html2haml (>= 1.0.1)
      railties (>= 4.0.1)
    has_scope (0.7.0)
      actionpack (>= 4.1, < 5.1)
      activesupport (>= 4.1, < 5.1)
    hashie (3.4.6)
    html2haml (2.0.0)
      erubis (~> 2.7.0)
      haml (~> 4.0.0)
      nokogiri (~> 1.6.0)
      ruby_parser (~> 3.5)
    httmultiparty (0.3.16)
      httparty (>= 0.7.3)
      mimemagic
      multipart-post
    httparty (0.14.0)
      multi_xml (>= 0.5.2)
    i18n (0.7.0)
    i18n_data (0.7.0)
    icalendar (2.4.1)
    jbuilder (2.6.1)
      activesupport (>= 3.0.0, < 5.1)
      multi_json (~> 1.2)
    jmespath (1.3.1)
    jquery-rails (4.2.1)
      rails-dom-testing (>= 1, < 3)
      railties (>= 4.2.0)
      thor (>= 0.14, < 2.0)
    jquery-ui-rails (6.0.1)
      railties (>= 3.2.16)
    json (1.8.3)
    jwt (1.5.6)
    kaminari (0.17.0)
      actionpack (>= 3.0.0)
      activesupport (>= 3.0.0)
    launchy (2.4.3)
      addressable (~> 2.3)
    letter_opener (1.4.1)
      launchy (~> 2.2)
    listen (3.0.8)
      rb-fsevent (~> 0.9, >= 0.9.4)
      rb-inotify (~> 0.9, >= 0.9.7)
    loofah (2.0.3)
      nokogiri (>= 1.5.9)
    mail (2.6.4)
      mime-types (>= 1.16, < 4)
    meta-tags (2.4.0)
      actionpack (>= 3.2.0, <= 5.1.0)
    method_source (0.8.2)
    migration_data (0.3.0)
    mime-types (3.1)
      mime-types-data (~> 3.2015)
    mime-types-data (3.2016.0521)
    mimemagic (0.3.2)
    mini_magick (4.6.0)
    mini_portile2 (2.1.0)
    minitest (5.10.1)
    momentjs-rails (2.15.1)
      railties (>= 3.1)
    money (6.7.1)
      i18n (>= 0.6.4, <= 0.7.0)
      sixarm_ruby_unaccent (>= 1.1.1, < 2)
    multi_json (1.12.1)
    multi_xml (0.6.0)
    multipart-post (2.0.0)
    nested_form (0.3.2)
    net-ping (2.0.1)
    net-scp (1.2.1)
      net-ssh (>= 2.6.5)
    net-ssh (3.2.0)
    nio4r (1.2.1)
    nokogiri (1.6.8.1)
      mini_portile2 (~> 2.1.0)
    oauth (0.5.1)
    oauth2 (1.2.0)
      faraday (>= 0.8, < 0.10)
      jwt (~> 1.0)
      multi_json (~> 1.3)
      multi_xml (~> 0.5)
      rack (>= 1.2, < 3)
    omniauth (1.3.1)
      hashie (>= 1.2, < 4)
      rack (>= 1.0, < 3)
    omniauth-facebook (4.0.0)
      omniauth-oauth2 (~> 1.2)
    omniauth-github (1.1.2)
      omniauth (~> 1.0)
      omniauth-oauth2 (~> 1.1)
    omniauth-google-oauth2 (0.4.1)
      jwt (~> 1.5.2)
      multi_json (~> 1.3)
      omniauth (>= 1.1.1)
      omniauth-oauth2 (>= 1.3.1)
    omniauth-oauth (1.1.0)
      oauth
      omniauth (~> 1.0)
    omniauth-oauth2 (1.4.0)
      oauth2 (~> 1.0)
      omniauth (~> 1.2)
    omniauth-twitter (1.2.1)
      json (~> 1.3)
      omniauth-oauth (~> 1.1)
    orm_adapter (0.5.0)
    public_suffix (2.0.4)
    puma (3.6.2)
    rack (2.0.1)
    rack-test (0.6.3)
      rack (>= 1.0)
    rack-utf8_sanitizer (1.3.2)
      rack (>= 1.0, < 3.0)
    rails (5.0.1)
      actioncable (= 5.0.1)
      actionmailer (= 5.0.1)
      actionpack (= 5.0.1)
      actionview (= 5.0.1)
      activejob (= 5.0.1)
      activemodel (= 5.0.1)
      activerecord (= 5.0.1)
      activesupport (= 5.0.1)
      bundler (>= 1.3.0, < 2.0)
      railties (= 5.0.1)
      sprockets-rails (>= 2.0.0)
    rails-dom-testing (2.0.1)
      activesupport (>= 4.2.0, < 6.0)
      nokogiri (~> 1.6.0)
    rails-html-sanitizer (1.0.3)
      loofah (~> 2.0)
    railties (5.0.1)
      actionpack (= 5.0.1)
      activesupport (= 5.0.1)
      method_source
      rake (>= 0.8.7)
      thor (>= 0.18.1, < 2.0)
    rake (12.0.0)
    rb-fsevent (0.9.8)
    rb-inotify (0.9.7)
      ffi (>= 0.5.0)
    recaptcha (3.0.0)
      json
    redis (3.3.2)
    redis-actionpack (5.0.1)
      actionpack (>= 4.0, < 6)
      redis-rack (>= 1, < 3)
      redis-store (>= 1.1.0, < 1.4.0)
    redis-activesupport (5.0.1)
      activesupport (>= 3, < 6)
      redis-store (~> 1.2.0)
    redis-rack (2.0.0)
      rack (~> 2.0)
      redis-store (~> 1.2.0)
    redis-rails (5.0.1)
      redis-actionpack (~> 5.0.0)
      redis-activesupport (~> 5.0.0)
      redis-store (~> 1.2.0)
    redis-store (1.2.0)
      redis (>= 2.2)
    request_store (1.3.1)
    responders (2.3.0)
      railties (>= 4.2.0, < 5.1)
    rolify (5.1.0)
    ruby_parser (3.8.3)
      sexp_processor (~> 4.1)
    sass (3.4.23)
    sass-rails (5.0.6)
      railties (>= 4.0.0, < 6)
      sass (~> 3.1)
      sprockets (>= 2.8, < 4.0)
      sprockets-rails (>= 2.0, < 4.0)
      tilt (>= 1.1, < 3)
    sexp_processor (4.7.0)
    sixarm_ruby_unaccent (1.1.1)
    sort_alphabetical (1.1.0)
      unicode_utils (>= 1.2.2)
    spring (2.0.0)
      activesupport (>= 4.2)
    spring-watcher-listen (2.0.1)
      listen (>= 2.7, < 4.0)
      spring (>= 1.2, < 3.0)
    sprockets (3.7.1)
      concurrent-ruby (~> 1.0)
      rack (> 1, < 3)
    sprockets-es6 (0.9.2)
      babel-source (>= 5.8.11)
      babel-transpiler
      sprockets (>= 3.0.0)
    sprockets-rails (3.2.0)
      actionpack (>= 4.0)
      activesupport (>= 4.0)
      sprockets (>= 3.0.0)
    sshkit (1.11.5)
      net-scp (>= 1.1.2)
      net-ssh (>= 2.8.0)
    thin (1.7.0)
      daemons (~> 1.0, >= 1.0.9)
      eventmachine (~> 1.0, >= 1.0.4)
      rack (>= 1, < 3)
    thor (0.19.4)
    thread_safe (0.3.5)
    tilt (2.0.5)
    truncate_html (0.9.3)
    tzinfo (1.2.2)
      thread_safe (~> 0.1)
    uglifier (3.0.4)
      execjs (>= 0.3.0, < 3)
    unicode_utils (1.4.0)
    warden (1.2.6)
      rack (>= 1.0)
    web-console (3.4.0)
      actionview (>= 5.0)
      activemodel (>= 5.0)
      debug_inspector
      railties (>= 5.0)
    websocket-driver (0.6.4)
      websocket-extensions (>= 0.1.0)
    websocket-extensions (0.1.2)

PLATFORMS
  ruby

DEPENDENCIES
  audited!
  awesome_nested_set
  better_errors
  byebug
  cancancan
  capistrano
  capistrano-bundler
  capistrano-rails
  capistrano-rvm
  capistrano3-puma
  carrierwave
  carrierwave-aws
  ckeditor!
  country_select
  devise
  figaro
  font-awesome-rails (= 4.6.3.0)
  formtastic
  foundation-datetimepicker-rails (= 0.2.4)
  foundation-rails
  friendly_id (~> 5.1.0)
  fullcalendar-rails
  geocoder
  globalize!
  haml
  haml-rails
  has_scope
  httmultiparty
  httparty
  icalendar
  jbuilder (~> 2.5)
  jquery-rails
  kaminari
  letter_opener
  listen (~> 3.0.5)
  meta-tags
  migration_data
  mimemagic
  mini_magick
  momentjs-rails
  multipart-post
  nested_form
  net-ping
  omniauth
  omniauth-facebook
  omniauth-github
  omniauth-google-oauth2
  omniauth-twitter
  paranoia!
  pg!
  puma
  rack-utf8_sanitizer
  rails (= 5.0.1)
  rails-observers!
  recaptcha (= 3.0)
  redis
  redis-rails (~> 5.0.1)
  rolify
  ruby_parser (>= 3.0.1)
  sass-rails (~> 5.0)
  simple_token_authentication!
  spring
  spring-watcher-listen (~> 2.0.0)
  textacular!
  thin
  truncate_html
  tzinfo-data
  uglifier (>= 1.3.0)
  web-console

RUBY VERSION
   ruby 2.3.3p222

BUNDLED WITH
   1.13.6
